PATH
  remote: .
  specs:
    http_server_manager (0.5.1)
      rake (>= 12.3)
      sys-proctree (~> 0.0)
      wait_until (~> 0.3)

GEM
  remote: http://rubygems.org/
  specs:
    ast (2.4.0)
    diff-lcs (1.3)
    docile (1.3.2)
    ffi (1.11.1)
    jaro_winkler (1.5.3)
    json (2.2.0)
    parallel (1.17.0)
    parser (2.6.3.0)
      ast (~> 2.4.0)
    rack (2.2.3)
    rainbow (3.0.0)
    rake (12.3.2)
    rspec (3.8.0)
      rspec-core (~> 3.8.0)
      rspec-expectations (~> 3.8.0)
      rspec-mocks (~> 3.8.0)
    rspec-core (3.8.1)
      rspec-support (~> 3.8.0)
    rspec-expectations (3.8.4)
      diff-lcs (>= 1.2.0, < 2.0)
      rspec-support (~> 3.8.0)
    rspec-mocks (3.8.1)
      diff-lcs (>= 1.2.0, < 2.0)
      rspec-support (~> 3.8.0)
    rspec-support (3.8.2)
    rubocop (0.71.0)
      jaro_winkler (~> 1.5.1)
      parallel (~> 1.10)
      parser (>= 2.6)
      rainbow (>= 2.2.2, < 4.0)
      ruby-progressbar (~> 1.7)
      unicode-display_width (>= 1.4.0, < 1.7)
    ruby-progressbar (1.10.1)
    simplecov (0.16.1)
      docile (~> 1.1)
      json (>= 1.8, < 3)
      simplecov-html (~> 0.10.0)
    simplecov-html (0.10.2)
    sys-proctable (1.2.1)
      ffi
    sys-proctree (0.0.11)
      sys-proctable (~> 1.2)
    travis-lint (2.0.0)
      json
    unicode-display_width (1.6.0)
    wait_until (0.3.1)

PLATFORMS
  ruby

DEPENDENCIES
  http_server_manager!
  rack (~> 2.0)
  rspec (~> 3.8)
  rubocop (~> 0.71)
  simplecov (~> 0.16)
  travis-lint (~> 2.0)

BUNDLED WITH
   2.0.2
